GEM
  remote: https://rubygems.org/
  specs:
    font-awesome-sass (4.2.2)
      sass (~> 3.2)
    sass (3.4.9)
    slim (2.0.1)
      temple (~> 0.6.6)
      tilt (>= 1.3.3, < 2.1)
    temple (0.6.10)
    tilt (2.0.1)

PLATFORMS
  ruby

DEPENDENCIES
  font-awesome-sass (= 4.2.2)
  slim (= 2.0.1)
